PATH
  remote: .
  specs:
    kentucky (0.0.1)
      sass (>= 3.2.0)
      thor

GEM
  remote: http://rubygems.org/
  specs:
    aruba (0.4.11)
      childprocess (>= 0.2.3)
      cucumber (>= 1.1.1)
      ffi (>= 1.0.11)
      rspec (>= 2.7.0)
    builder (3.2.0)
    childprocess (0.3.9)
      ffi (~> 1.0, >= 1.0.11)
    cucumber (1.3.1)
      builder (>= 2.1.2)
      diff-lcs (>= 1.1.3)
      gherkin (~> 2.12.0)
      multi_json (~> 1.3)
    diff-lcs (1.1.3)
    ffi (1.8.1)
    gherkin (2.12.0)
      multi_json (~> 1.3)
    multi_json (1.7.2)
    rake (10.0.4)
    rspec (2.8.0)
      rspec-core (~> 2.8.0)
      rspec-expectations (~> 2.8.0)
      rspec-mocks (~> 2.8.0)
    rspec-core (2.8.0)
    rspec-expectations (2.8.0)
      diff-lcs (~> 1.1.2)
    rspec-mocks (2.8.0)
    sass (3.2.8)
    thor (0.18.1)

PLATFORMS
  ruby

DEPENDENCIES
  aruba (= 0.4.11)
  kentucky!
  rake
